GEM
  remote: https://rubygems.org/
  specs:
    diff-lcs (1.3)
    git-wayback-machine (0.1.2)
    rspec (3.9.0)
      rspec-core (~> 3.9.0)
      rspec-expectations (~> 3.9.0)
      rspec-mocks (~> 3.9.0)
    rspec-core (3.9.0)
      rspec-support (~> 3.9.0)
    rspec-expectations (3.9.0)
      diff-lcs (>= 1.2.0, < 2.0)
      rspec-support (~> 3.9.0)
    rspec-mocks (3.9.0)
      diff-lcs (>= 1.2.0, < 2.0)
      rspec-support (~> 3.9.0)
    rspec-support (3.9.0)

PLATFORMS
  x64-mingw32

DEPENDENCIES
  git-wayback-machine
  rspec

RUBY VERSION
   ruby 2.6.3p62

BUNDLED WITH
   2.0.2
